GIT
  remote: https://github.com/hokichaio/csv_exporter.git
  revision: f4c8a4f5b666ec0fae755017b17d7e52be23da65
  specs:
    csv_exporter (0.0.5)

GEM
  remote: https://rubygems.org/
  specs:
    actioncable (5.2.4.4)
      actionpack (= 5.2.4.4)
      nio4r (~> 2.0)
      websocket-driver (>= 0.6.1)
    actionmailer (5.2.4.4)
      actionpack (= 5.2.4.4)
      actionview (= 5.2.4.4)
      activejob (= 5.2.4.4)
      mail (~> 2.5, >= 2.5.4)
      rails-dom-testing (~> 2.0)
    actionpack (5.2.4.4)
      actionview (= 5.2.4.4)
      activesupport (= 5.2.4.4)
      rack (~> 2.0, >= 2.0.8)
      rack-test (>= 0.6.3)
      rails-dom-testing (~> 2.0)
      rails-html-sanitizer (~> 1.0, >= 1.0.2)
    actionview (5.2.4.4)
      activesupport (= 5.2.4.4)
      builder (~> 3.1)
      erubi (~> 1.4)
      rails-dom-testing (~> 2.0)
      rails-html-sanitizer (~> 1.0, >= 1.0.3)
    activejob (5.2.4.4)
      activesupport (= 5.2.4.4)
      globalid (>= 0.3.6)
    activemodel (5.2.4.4)
      activesupport (= 5.2.4.4)
    activerecord (5.2.4.4)
      activemodel (= 5.2.4.4)
      activesupport (= 5.2.4.4)
      arel (>= 9.0)
    activestorage (5.2.4.4)
      actionpack (= 5.2.4.4)
      activerecord (= 5.2.4.4)
      marcel (~> 0.3.1)
    activesupport (5.2.4.4)
      concurrent-ruby (~> 1.0, >= 1.0.2)
      i18n (>= 0.7, < 2)
      minitest (~> 5.1)
      tzinfo (~> 1.1)
    addressable (2.7.0)
      public_suffix (>= 2.0.2, < 5.0)
    archive-zip (0.12.0)
      io-like (~> 0.3.0)
    arel (9.0.0)
    bindex (0.8.1)
    bootsnap (1.4.9)
      msgpack (~> 1.0)
    builder (3.2.4)
    byebug (11.1.3)
    capybara (3.33.0)
      addressable
      mini_mime (>= 0.1.3)
      nokogiri (~> 1.8)
      rack (>= 1.6.0)
      rack-test (>= 0.6.3)
      regexp_parser (~> 1.5)
      xpath (~> 3.2)
    childprocess (3.0.0)
    chromedriver-helper (2.1.1)
      archive-zip (~> 0.10)
      nokogiri (~> 1.8)
    chronic (0.10.2)
    cliver (0.3.2)
    coderay (1.1.3)
    coffee-rails (4.2.2)
      coffee-script (>= 2.2.0)
      railties (>= 4.0.0)
    coffee-script (2.4.1)
      coffee-script-source
      execjs
    coffee-script-source (1.12.2)
    concurrent-ruby (1.1.7)
    connection_pool (2.2.3)
    crass (1.0.6)
    declarative (0.0.20)
    declarative-option (0.1.0)
    domain_name (0.5.20190701)
      unf (>= 0.0.5, < 1.0.0)
    dotenv (2.7.6)
    dotenv-rails (2.7.6)
      dotenv (= 2.7.6)
      railties (>= 3.2)
    erubi (1.9.0)
    execjs (2.7.0)
    faraday (1.1.0)
      multipart-post (>= 1.2, < 3)
      ruby2_keywords
    ffi (1.13.1)
    figaro (1.2.0)
      thor (>= 0.14.0, < 2)
    globalid (0.4.2)
      activesupport (>= 4.2.0)
    google-api-client (0.52.0)
      addressable (~> 2.5, >= 2.5.1)
      googleauth (~> 0.9)
      httpclient (>= 2.8.1, < 3.0)
      mini_mime (~> 1.0)
      representable (~> 3.0)
      retriable (>= 2.0, < 4.0)
      rexml
      signet (~> 0.12)
    google_drive (3.0.5)
      google-api-client (>= 0.11.0, < 1.0.0)
      googleauth (>= 0.5.0, < 1.0.0)
      nokogiri (>= 1.5.3, < 2.0.0)
    googleauth (0.14.0)
      faraday (>= 0.17.3, < 2.0)
      jwt (>= 1.4, < 3.0)
      memoist (~> 0.16)
      multi_json (~> 1.11)
      os (>= 0.9, < 2.0)
      signet (~> 0.14)
    http-accept (1.7.0)
    http-cookie (1.0.3)
      domain_name (~> 0.5)
    httpclient (2.8.3)
    i18n (1.8.5)
      concurrent-ruby (~> 1.0)
    io-like (0.3.1)
    jbuilder (2.10.1)
      activesupport (>= 5.0.0)
    jwt (2.2.2)
    listen (3.1.5)
      rb-fsevent (~> 0.9, >= 0.9.4)
      rb-inotify (~> 0.9, >= 0.9.7)
      ruby_dep (~> 1.2)
    loofah (2.7.0)
      crass (~> 1.0.2)
      nokogiri (>= 1.5.9)
    mail (2.7.1)
      mini_mime (>= 0.1.1)
    marcel (0.3.3)
      mimemagic (~> 0.3.2)
    mechanize (2.7.6)
      domain_name (~> 0.5, >= 0.5.1)
      http-cookie (~> 1.0)
      mime-types (>= 1.17.2)
      net-http-digest_auth (~> 1.1, >= 1.1.1)
      net-http-persistent (>= 2.5.2)
      nokogiri (~> 1.6)
      ntlm-http (~> 0.1, >= 0.1.1)
      webrobots (>= 0.0.9, < 0.2)
    memoist (0.16.2)
    method_source (1.0.0)
    mime-types (3.3.1)
      mime-types-data (~> 3.2015)
    mime-types-data (3.2020.0512)
    mimemagic (0.3.5)
    mini_mime (1.0.2)
    mini_portile2 (2.4.0)
    minitest (5.14.2)
    msgpack (1.3.3)
    multi_json (1.15.0)
    multipart-post (2.1.1)
    mysql2 (0.5.3)
    net-http-digest_auth (1.4.1)
    net-http-persistent (4.0.0)
      connection_pool (~> 2.2)
    netrc (0.11.0)
    nio4r (2.5.4)
    nokogiri (1.10.10)
      mini_portile2 (~> 2.4.0)
    ntlm-http (0.1.1)
    os (1.1.1)
    phantomjs (2.1.1.0)
    poltergeist (1.18.1)
      capybara (>= 2.1, < 4)
      cliver (~> 0.3.1)
      websocket-driver (>= 0.2.0)
    pry (0.13.1)
      coderay (~> 1.1)
      method_source (~> 1.0)
    public_suffix (4.0.6)
    puma (3.12.6)
    rack (2.2.3)
    rack-test (1.1.0)
      rack (>= 1.0, < 3)
    rails (5.2.4.4)
      actioncable (= 5.2.4.4)
      actionmailer (= 5.2.4.4)
      actionpack (= 5.2.4.4)
      actionview (= 5.2.4.4)
      activejob (= 5.2.4.4)
      activemodel (= 5.2.4.4)
      activerecord (= 5.2.4.4)
      activestorage (= 5.2.4.4)
      activesupport (= 5.2.4.4)
      bundler (>= 1.3.0)
      railties (= 5.2.4.4)
      sprockets-rails (>= 2.0.0)
    rails-dom-testing (2.0.3)
      activesupport (>= 4.2.0)
      nokogiri (>= 1.6)
    rails-html-sanitizer (1.3.0)
      loofah (~> 2.3)
    railties (5.2.4.4)
      actionpack (= 5.2.4.4)
      activesupport (= 5.2.4.4)
      method_source
      rake (>= 0.8.7)
      thor (>= 0.19.0, < 2.0)
    rake (13.0.1)
    rb-fsevent (0.10.4)
    rb-inotify (0.10.1)
      ffi (~> 1.0)
    regexp_parser (1.8.2)
    representable (3.0.4)
      declarative (< 0.1.0)
      declarative-option (< 0.2.0)
      uber (< 0.2.0)
    rest-client (2.1.0)
      http-accept (>= 1.7.0, < 2.0)
      http-cookie (>= 1.0.2, < 2.0)
      mime-types (>= 1.16, < 4.0)
      netrc (~> 0.8)
    retriable (3.1.2)
    rexml (3.2.4)
    ruby2_keywords (0.0.2)
    ruby_dep (1.5.0)
    rubyzip (2.3.0)
    sass (3.7.4)
      sass-listen (~> 4.0.0)
    sass-listen (4.0.0)
      rb-fsevent (~> 0.9, >= 0.9.4)
      rb-inotify (~> 0.9, >= 0.9.7)
    sass-rails (5.1.0)
      railties (>= 5.2.0)
      sass (~> 3.1)
      sprockets (>= 2.8, < 4.0)
      sprockets-rails (>= 2.0, < 4.0)
      tilt (>= 1.1, < 3)
    selenium-webdriver (3.142.7)
      childprocess (>= 0.5, < 4.0)
      rubyzip (>= 1.2.2)
    signet (0.14.0)
      addressable (~> 2.3)
      faraday (>= 0.17.3, < 2.0)
      jwt (>= 1.5, < 3.0)
      multi_json (~> 1.10)
    smarter_csv (1.2.6)
    spring (2.1.1)
    spring-watcher-listen (2.0.1)
      listen (>= 2.7, < 4.0)
      spring (>= 1.2, < 3.0)
    sprockets (3.7.2)
      concurrent-ruby (~> 1.0)
      rack (> 1, < 3)
    sprockets-rails (3.2.2)
      actionpack (>= 4.0)
      activesupport (>= 4.0)
      sprockets (>= 3.0.0)
    thor (1.0.1)
    thread_safe (0.3.6)
    tilt (2.0.10)
    turbolinks (5.2.1)
      turbolinks-source (~> 5.2)
    turbolinks-source (5.2.0)
    tzinfo (1.2.7)
      thread_safe (~> 0.1)
    uber (0.1.0)
    uglifier (4.2.0)
      execjs (>= 0.3.0, < 3)
    unf (0.1.4)
      unf_ext
    unf_ext (0.0.7.7)
    web-console (3.7.0)
      actionview (>= 5.0)
      activemodel (>= 5.0)
      bindex (>= 0.4.0)
      railties (>= 5.0)
    webdrivers (4.4.1)
      nokogiri (~> 1.6)
      rubyzip (>= 1.3.0)
      selenium-webdriver (>= 3.0, < 4.0)
    webrobots (0.1.2)
    websocket-driver (0.7.3)
      websocket-extensions (>= 0.1.0)
    websocket-extensions (0.1.5)
    whenever (1.0.0)
      chronic (>= 0.6.3)
    xpath (3.2.0)
      nokogiri (~> 1.8)

PLATFORMS
  ruby

DEPENDENCIES
  activerecord
  activesupport
  bootsnap (>= 1.1.0)
  byebug
  capybara
  chromedriver-helper
  coffee-rails (~> 4.2)
  csv_exporter!
  dotenv-rails
  figaro
  google_drive
  jbuilder (~> 2.5)
  listen (>= 3.0.5, < 3.2)
  mechanize
  mysql2 (>= 0.4.4, < 0.6.0)
  nokogiri
  phantomjs
  poltergeist
  pry
  puma (~> 3.11)
  rails (~> 5.2.3)
  rest-client
  sass-rails (~> 5.0)
  selenium-webdriver
  smarter_csv
  spring
  spring-watcher-listen (~> 2.0.0)
  turbolinks (~> 5)
  tzinfo-data
  uglifier (>= 1.3.0)
  web-console (>= 3.3.0)
  webdrivers
  whenever

RUBY VERSION
   ruby 2.5.5p157

BUNDLED WITH
   1.17.3
